GEM
  remote: https://rubygems.org/
  specs:
    dotenv (2.7.5)
    mail (2.7.1)
      mini_mime (>= 0.1.1)
    mini_mime (1.0.2)
    rake (13.0.1)

PLATFORMS
  ruby

DEPENDENCIES
  dotenv
  mail
  rake

BUNDLED WITH
   1.17.2
